PATH
  remote: .
  specs:
    task-service (1.0.0)

GEM
  remote: https://rubygems.org/
  specs:
    bson (4.11.1)
    google-protobuf (3.14.0-universal-darwin)
    google-protobuf (3.14.0-x86_64-linux)
    googleapis-common-protos-types (1.0.5)
      google-protobuf (~> 3.11)
    grpc (1.34.0-universal-darwin)
      google-protobuf (~> 3.13)
      googleapis-common-protos-types (~> 1.0)
    grpc (1.34.0-x86_64-linux)
      google-protobuf (~> 3.13)
      googleapis-common-protos-types (~> 1.0)
    grpc-tools (1.34.0)
    json (2.5.1)
    mongo (2.14.0)
      bson (>= 4.8.2, < 5.0.0)
    multi_json (1.15.0)
    mustermann (1.1.1)
      ruby2_keywords (~> 0.0.1)
    nio4r (2.5.4)
    puma (5.1.1)
      nio4r (~> 2.0)
    rack (2.2.3)
    rack-protection (2.1.0)
      rack
    rack-ssl (1.4.1)
      rack
    ruby2_keywords (0.0.2)
    sinatra (2.1.0)
      mustermann (~> 1.0)
      rack (~> 2.2)
      rack-protection (= 2.1.0)
      tilt (~> 2.0)
    sinatra-contrib (2.1.0)
      multi_json
      mustermann (~> 1.0)
      rack-protection (= 2.1.0)
      sinatra (= 2.1.0)
      tilt (~> 2.0)
    tilt (2.0.10)

PLATFORMS
  universal-darwin-19
  x86_64-linux

DEPENDENCIES
  grpc (~> 1.34)
  grpc-tools (~> 1.34)
  json (~> 2.5, >= 2.5.1)
  mongo (~> 2.2, >= 2.2.5)
  puma (~> 5.1, >= 5.1.1)
  rack-ssl (~> 1.4, >= 1.4.1)
  sinatra (~> 2.1)
  sinatra-contrib
  task-service!

BUNDLED WITH
   2.2.4
