PATH
  remote: .
  specs:
    task-service (1.0.0)

GEM
  remote: https://rubygems.org/
  specs:
    bson (4.11.1)
    google-protobuf (3.14.0-universal-darwin)
    googleapis-common-protos-types (1.0.5)
      google-protobuf (~> 3.11)
    grpc (1.34.0-universal-darwin)
      google-protobuf (~> 3.13)
      googleapis-common-protos-types (~> 1.0)
    grpc-tools (1.34.0)
    json (2.5.1)
    mongo (2.14.0)
      bson (>= 4.8.2, < 5.0.0)

PLATFORMS
  universal-darwin-19

DEPENDENCIES
  grpc (~> 1.34)
  grpc-tools (~> 1.34)
  json (~> 2.5, >= 2.5.1)
  mongo (~> 2.2, >= 2.2.5)
  task-service!

BUNDLED WITH
   2.2.3
