PATH
  remote: .
  specs:
    task-service (1.0.0)

GEM
  remote: https://rubygems.org/
  specs:
    google-protobuf (3.14.0-universal-darwin)
    googleapis-common-protos-types (1.0.5)
      google-protobuf (~> 3.11)
    grpc (1.34.0-universal-darwin)
      google-protobuf (~> 3.13)
      googleapis-common-protos-types (~> 1.0)
    grpc-tools (1.34.0)

PLATFORMS
  universal-darwin-19

DEPENDENCIES
  grpc
  grpc-tools
  task-service!

BUNDLED WITH
   2.2.3
